GEM
  remote: https://rubygems.org/
  specs:
    Ascii85 (1.0.3)
    afm (0.2.2)
    ai4r (1.13)
    arr-pm (0.0.10)
      cabin (> 0)
    axlsx (3.0.0.pre)
      htmlentities (~> 4.3, >= 4.3.4)
      mimemagic (~> 0.3)
      nokogiri (~> 1.8, >= 1.8.2)
      rubyzip (~> 1.2, >= 1.2.1)
    backports (3.11.4)
    bibtex-ruby (4.4.7)
      latex-decode (~> 0.0)
    cabin (0.9.0)
    categorize (0.0.12)
    certified (1.0.0)
    childprocess (0.9.0)
      ffi (~> 1.0, >= 1.0.11)
    clamp (1.0.1)
    classifier-reborn (2.2.0)
      fast-stemmer (~> 1.0)
    concurrent-ruby (1.0.5)
    daemons (1.2.6)
    diff-lcs (1.3)
    docile (1.3.1)
    dotenv (2.5.0)
    eventmachine (1.2.7)
    facter (2.5.1)
    facter (2.5.1-x86-mingw32)
      ffi (~> 1.9.5)
    faraday (0.14.0)
      multipart-post (>= 1.2, < 3)
    faraday_middleware (0.12.2)
      faraday (>= 0.7.4, < 1.0)
    fast-stemmer (1.0.2)
    ffi (1.9.25)
    ffi (1.9.25-x86-mingw32)
    fpm (1.10.2)
      arr-pm (~> 0.0.10)
      backports (>= 2.6.2)
      cabin (>= 0.6.0)
      childprocess
      clamp (~> 1.0.0)
      ffi
      json (>= 1.7.7, < 2.0)
      pleaserun (~> 0.0.29)
      ruby-xz (~> 0.2.3)
      stud
    grim (1.3.3)
    haml (5.0.4)
      temple (>= 0.8.0)
      tilt
    hashery (2.1.2)
    htmlentities (4.3.4)
    i18n (1.1.0)
      concurrent-ruby (~> 1.0)
    insist (1.0.0)
    io-like (0.3.0)
    json (1.8.6)
    latex-decode (0.3.1)
    levenshtein (0.2.2)
    levenshtein-ffi (1.1.0)
      ffi (~> 1.9)
    mimemagic (0.3.2)
    mini_portile2 (2.3.0)
    mixlib-log (1.7.1)
    mixlib-shellout (1.6.1)
    mixlib-shellout (1.6.1-x86-mingw32)
      win32-process (~> 0.7.1)
      windows-pr (~> 1.2.2)
    moneta (1.0.0)
    multi_json (1.13.1)
    multipart-post (2.0.0)
    mustache (0.99.8)
    mustermann (1.0.3)
    mysql2 (0.5.2)
    mysql2 (0.5.2-x86-mingw32)
    narray (0.6.1.2)
    nbayes (0.1.1)
    nokogiri (1.8.4)
      mini_portile2 (~> 2.3.0)
    nokogiri (1.8.4-x86-mingw32)
      mini_portile2 (~> 2.3.0)
    pdf-reader (2.1.0)
      Ascii85 (~> 1.0.0)
      afm (~> 0.2.1)
      hashery (~> 2.0)
      ruby-rc4
      ttfunk
    pkgr (1.7.1)
      facter (~> 2.1)
      fpm (~> 1.1)
      mixlib-log (~> 1.6)
      mixlib-shellout (~> 1.4)
      rake (~> 12.2.1)
      thor (~> 0.19)
    pleaserun (0.0.30)
      cabin (> 0)
      clamp
      dotenv
      insist
      mustache (= 0.99.8)
      stud
    puma (3.12.0)
    rack (2.0.5)
    rack-protection (2.0.3)
      rack
    rack-test (1.1.0)
      rack (>= 1.0, < 3)
    rake (12.2.1)
    rb-fsevent (0.10.3)
    rb-inotify (0.9.10)
      ffi (>= 0.5.0, < 2)
    rspec (3.8.0)
      rspec-core (~> 3.8.0)
      rspec-expectations (~> 3.8.0)
      rspec-mocks (~> 3.8.0)
    rspec-core (3.8.0)
      rspec-support (~> 3.8.0)
    rspec-expectations (3.8.1)
      diff-lcs (>= 1.2.0, < 2.0)
      rspec-support (~> 3.8.0)
    rspec-mocks (3.8.0)
      diff-lcs (>= 1.2.0, < 2.0)
      rspec-support (~> 3.8.0)
    rspec-support (3.8.0)
    ruby-rc4 (0.1.5)
    ruby-stemmer (0.9.6)
    ruby-stemmer (0.9.6-x86-mingw32)
    ruby-xz (0.2.3)
      ffi (~> 1.9)
      io-like (~> 0.3)
    rubyXL (3.3.30)
      nokogiri (>= 1.4.4)
      rubyzip (>= 1.1.6)
    rubyzip (1.2.2)
    sass (3.5.7)
      sass-listen (~> 4.0.0)
    sass-listen (4.0.0)
      rb-fsevent (~> 0.9, >= 0.9.4)
      rb-inotify (~> 0.9, >= 0.9.7)
    sequel (5.12.0)
    serrano (0.5.0)
      faraday (~> 0.14.0)
      faraday_middleware (~> 0.12.2)
      multi_json (~> 1.13, >= 1.13.1)
      thor (~> 0.20.0)
    simplecov (0.16.1)
      docile (~> 1.1)
      json (>= 1.8, < 3)
      simplecov-html (~> 0.10.0)
    simplecov-html (0.10.2)
    sinatra (2.0.3)
      mustermann (~> 1.0)
      rack (~> 2.0)
      rack-protection (= 2.0.3)
      tilt (~> 2.0)
    sqlite3 (1.3.13)
    sqlite3 (1.3.13-x86-mingw32)
    stud (0.0.23)
    temple (0.8.0)
    tf-idf-similarity (0.1.6)
      unicode_utils (~> 1.4)
    thin (1.7.2)
      daemons (~> 1.0, >= 1.0.9)
      eventmachine (~> 1.0, >= 1.0.4)
      rack (>= 1, < 3)
    thor (0.20.0)
    tilt (2.0.8)
    ttfunk (1.5.1)
    unicode (0.4.4.4)
    unicode (0.4.4.4-x86-mingw32)
    unicode_utils (1.4.0)
    win32-api (1.7.1-universal-mingw32)
    win32-process (0.7.5)
      ffi (>= 1.0.0)
    windows-api (0.4.4)
      win32-api (>= 1.4.5)
    windows-pr (1.2.6)
      win32-api (>= 1.4.5)
      windows-api (>= 0.4.0)
    yard (0.9.16)
    yard-sinatra (1.0.0)
      yard (~> 0.7)
    zip-zip (0.3)
      rubyzip (>= 1.0.0)

PLATFORMS
  ruby
  x86-mingw32

DEPENDENCIES
  ai4r
  axlsx (>= 2.0.0)
  bibtex-ruby
  categorize
  certified
  classifier-reborn
  dotenv
  grim
  haml
  i18n
  levenshtein
  levenshtein-ffi
  mimemagic
  moneta
  mysql2
  narray
  nbayes
  nokogiri
  pdf-reader
  pkgr
  puma
  rack-test
  rake
  rspec
  ruby-stemmer
  rubyXL
  rubyzip (>= 1.2.1)
  sass
  sequel
  serrano
  simplecov
  sinatra (>= 2.0.1)
  sqlite3
  tf-idf-similarity
  thin
  unicode
  yard
  yard-sinatra
  zip-zip

BUNDLED WITH
   1.16.4
