GEM
  remote: https://rubygems.org/
  specs:
    bibtex-ruby (4.4.4)
      latex-decode (~> 0.0)
    daemons (1.2.4)
    diff-lcs (1.3)
    dotenv (2.2.1)
    eventmachine (1.2.5)
    faraday (0.12.0.1)
      multipart-post (>= 1.2, < 3)
    faraday_middleware (0.11.0.1)
      faraday (>= 0.7.4, < 1.0)
    ffi (1.9.18)
    haml (5.0.2)
      temple (>= 0.8.0)
      tilt
    i18n (0.8.6)
    latex-decode (0.2.2)
      unicode (~> 0.4)
    levenshtein-ffi (1.1.0)
      ffi (~> 1.9)
    mini_portile2 (2.2.0)
    moneta (1.0.0)
    multi_json (1.12.1)
    multipart-post (2.0.0)
    mustermann (1.0.1)
    mysql2 (0.4.9)
    nokogiri (1.8.0)
      mini_portile2 (~> 2.2.0)
    rack (2.0.3)
    rack-protection (2.0.0)
      rack
    rack-test (0.7.0)
      rack (>= 1.0, < 3)
    rspec (3.6.0)
      rspec-core (~> 3.6.0)
      rspec-expectations (~> 3.6.0)
      rspec-mocks (~> 3.6.0)
    rspec-core (3.6.0)
      rspec-support (~> 3.6.0)
    rspec-expectations (3.6.0)
      diff-lcs (>= 1.2.0, < 2.0)
      rspec-support (~> 3.6.0)
    rspec-mocks (3.6.0)
      diff-lcs (>= 1.2.0, < 2.0)
      rspec-support (~> 3.6.0)
    rspec-support (3.6.0)
    scopus (0.1.0)
    sequel (4.49.0)
    serrano (0.3.6)
      faraday (~> 0.12.0.1)
      faraday_middleware (~> 0.11.0.1)
      multi_json (~> 1.12, >= 1.12.1)
      thor (~> 0.19.4)
    sinatra (2.0.0)
      mustermann (~> 1.0)
      rack (~> 2.0)
      rack-protection (= 2.0.0)
      tilt (~> 2.0)
    temple (0.8.0)
    thin (1.7.2)
      daemons (~> 1.0, >= 1.0.9)
      eventmachine (~> 1.0, >= 1.0.4)
      rack (>= 1, < 3)
    thor (0.19.4)
    tilt (2.0.8)
    unicode (0.4.4.4)

PLATFORMS
  ruby

DEPENDENCIES
  bibtex-ruby
  daemons
  dotenv
  haml
  i18n
  levenshtein-ffi
  moneta
  mysql2
  nokogiri
  rack-test
  rspec
  scopus
  sequel
  serrano
  sinatra
  thin

BUNDLED WITH
   1.15.4
