GEM
  remote: https://rubygems.org/
  specs:
    Ascii85 (1.0.3)
    afm (0.2.2)
    ai4r (1.13)
    arr-pm (0.0.10)
      cabin (> 0)
    backports (3.11.1)
    bibtex-ruby (4.4.5)
      latex-decode (~> 0.0)
    cabin (0.9.0)
    categorize (0.0.12)
    certified (1.0.0)
    childprocess (0.8.0)
      ffi (~> 1.0, >= 1.0.11)
    clamp (1.0.1)
    classifier-reborn (2.2.0)
      fast-stemmer (~> 1.0)
    concurrent-ruby (1.0.5)
    daemons (1.2.6)
    diff-lcs (1.3)
    docile (1.1.5)
    dotenv (2.2.1)
    eventmachine (1.2.5)
    facter (2.5.1)
    facter (2.5.1-x86-mingw32)
      ffi (~> 1.9.5)
    faraday (0.12.0.1)
      multipart-post (>= 1.2, < 3)
    faraday_middleware (0.11.0.1)
      faraday (>= 0.7.4, < 1.0)
    fast-stemmer (1.0.2)
    ffi (1.9.21)
    ffi (1.9.21-x86-mingw32)
    fpm (1.9.3)
      arr-pm (~> 0.0.10)
      backports (>= 2.6.2)
      cabin (>= 0.6.0)
      childprocess
      clamp (~> 1.0.0)
      ffi
      json (>= 1.7.7, < 2.0)
      pleaserun (~> 0.0.29)
      ruby-xz
      stud
    grim (1.3.3)
    haml (5.0.4)
      temple (>= 0.8.0)
      tilt
    hashery (2.1.2)
    i18n (1.0.0)
      concurrent-ruby (~> 1.0)
    insist (1.0.0)
    io-like (0.3.0)
    json (1.8.6)
    latex-decode (0.3.1)
    levenshtein (0.2.2)
    levenshtein-ffi (1.1.0)
      ffi (~> 1.9)
    mini_portile2 (2.3.0)
    mixlib-log (1.7.1)
    mixlib-shellout (2.3.2)
    mixlib-shellout (2.3.2-universal-mingw32)
      win32-process (~> 0.8.2)
      wmi-lite (~> 1.0)
    moneta (1.0.0)
    multi_json (1.13.1)
    multipart-post (2.0.0)
    mustache (0.99.8)
    mustermann (1.0.2)
    mysql2 (0.4.10)
    mysql2 (0.4.10-x86-mingw32)
    nbayes (0.1.1)
    nokogiri (1.8.2)
      mini_portile2 (~> 2.3.0)
    nokogiri (1.8.2-x86-mingw32)
      mini_portile2 (~> 2.3.0)
    pdf-reader (2.1.0)
      Ascii85 (~> 1.0.0)
      afm (~> 0.2.1)
      hashery (~> 2.0)
      ruby-rc4
      ttfunk
    pkgr (1.4.0)
      facter
      fpm
      mixlib-log
      mixlib-shellout
      rake
      thor
    pleaserun (0.0.30)
      cabin (> 0)
      clamp
      dotenv
      insist
      mustache (= 0.99.8)
      stud
    puma (3.11.2)
    rack (2.0.4)
    rack-protection (2.0.1)
      rack
    rack-test (0.8.2)
      rack (>= 1.0, < 3)
    rake (12.3.0)
    rspec (3.7.0)
      rspec-core (~> 3.7.0)
      rspec-expectations (~> 3.7.0)
      rspec-mocks (~> 3.7.0)
    rspec-core (3.7.1)
      rspec-support (~> 3.7.0)
    rspec-expectations (3.7.0)
      diff-lcs (>= 1.2.0, < 2.0)
      rspec-support (~> 3.7.0)
    rspec-mocks (3.7.0)
      diff-lcs (>= 1.2.0, < 2.0)
      rspec-support (~> 3.7.0)
    rspec-support (3.7.1)
    ruby-rc4 (0.1.5)
    ruby-stemmer (0.9.6)
    ruby-stemmer (0.9.6-x86-mingw32)
    ruby-xz (0.2.3)
      ffi (~> 1.9)
      io-like (~> 0.3)
    sequel (5.5.0)
    serrano (0.3.6)
      faraday (~> 0.12.0.1)
      faraday_middleware (~> 0.11.0.1)
      multi_json (~> 1.12, >= 1.12.1)
      thor (~> 0.19.4)
    simplecov (0.15.1)
      docile (~> 1.1.0)
      json (>= 1.8, < 3)
      simplecov-html (~> 0.10.0)
    simplecov-html (0.10.2)
    sinatra (2.0.1)
      mustermann (~> 1.0)
      rack (~> 2.0)
      rack-protection (= 2.0.1)
      tilt (~> 2.0)
    sqlite3 (1.3.13)
    sqlite3 (1.3.13-x86-mingw32)
    stud (0.0.23)
    temple (0.8.0)
    thin (1.7.2)
      daemons (~> 1.0, >= 1.0.9)
      eventmachine (~> 1.0, >= 1.0.4)
      rack (>= 1, < 3)
    thor (0.19.4)
    tilt (2.0.8)
    ttfunk (1.5.1)
    unicode (0.4.4.4)
    unicode (0.4.4.4-x86-mingw32)
    win32-process (0.8.3)
      ffi (>= 1.0.0)
    wmi-lite (1.0.0)
    yard (0.9.12)
    yard-sinatra (1.0.0)
      yard (~> 0.7)

PLATFORMS
  ruby
  x86-mingw32

DEPENDENCIES
  ai4r
  bibtex-ruby
  categorize
  certified
  classifier-reborn
  dotenv
  grim
  haml
  i18n
  levenshtein
  levenshtein-ffi
  moneta
  mysql2
  nbayes
  nokogiri
  pdf-reader
  pkgr
  puma
  rack-test
  rake
  rspec
  ruby-stemmer
  sequel
  serrano
  simplecov
  sinatra (>= 2.0.1)
  sqlite3
  thin
  unicode
  yard
  yard-sinatra

BUNDLED WITH
   1.16.1
