GEM
  remote: https://rubygems.org/
  specs:
    Ascii85 (1.0.3)
    afm (0.2.2)
    ai4r (1.13)
    bibtex-ruby (4.4.5)
      latex-decode (~> 0.0)
    categorize (0.0.12)
    certified (1.0.0)
    classifier-reborn (2.2.0)
      fast-stemmer (~> 1.0)
    concurrent-ruby (1.0.5)
    daemons (1.2.6)
    diff-lcs (1.3)
    dotenv (2.2.1)
    eventmachine (1.2.5)
    faraday (0.12.0.1)
      multipart-post (>= 1.2, < 3)
    faraday_middleware (0.11.0.1)
      faraday (>= 0.7.4, < 1.0)
    fast-stemmer (1.0.2)
    ffi (1.9.21)
    grim (1.3.3)
    haml (5.0.4)
      temple (>= 0.8.0)
      tilt
    hashery (2.1.2)
    i18n (1.0.0)
      concurrent-ruby (~> 1.0)
    latex-decode (0.3.1)
    levenshtein-ffi (1.1.0)
      ffi (~> 1.9)
    mini_portile2 (2.3.0)
    moneta (1.0.0)
    multi_json (1.13.1)
    multipart-post (2.0.0)
    mustermann (1.0.1)
    mysql2 (0.4.10)
    mysql2 (0.4.10-x86-mingw32)
    nbayes (0.1.1)
    nokogiri (1.8.2)
      mini_portile2 (~> 2.3.0)
    nokogiri (1.8.2-x86-mingw32)
      mini_portile2 (~> 2.3.0)
    pdf-reader (2.0.0)
      Ascii85 (~> 1.0.0)
      afm (~> 0.2.1)
      hashery (~> 2.0)
      ruby-rc4
      ttfunk
    puma (3.11.2)
    rack (2.0.4)
    rack-protection (2.0.0)
      rack
    rack-test (0.8.2)
      rack (>= 1.0, < 3)
    rake (12.3.0)
    rspec (3.7.0)
      rspec-core (~> 3.7.0)
      rspec-expectations (~> 3.7.0)
      rspec-mocks (~> 3.7.0)
    rspec-core (3.7.1)
      rspec-support (~> 3.7.0)
    rspec-expectations (3.7.0)
      diff-lcs (>= 1.2.0, < 2.0)
      rspec-support (~> 3.7.0)
    rspec-mocks (3.7.0)
      diff-lcs (>= 1.2.0, < 2.0)
      rspec-support (~> 3.7.0)
    rspec-support (3.7.1)
    ruby-rc4 (0.1.5)
    ruby-stemmer (0.9.6)
    ruby-stemmer (0.9.6-x86-mingw32)
    sequel (5.5.0)
    serrano (0.3.6)
      faraday (~> 0.12.0.1)
      faraday_middleware (~> 0.11.0.1)
      multi_json (~> 1.12, >= 1.12.1)
      thor (~> 0.19.4)
    sinatra (2.0.0)
      mustermann (~> 1.0)
      rack (~> 2.0)
      rack-protection (= 2.0.0)
      tilt (~> 2.0)
    sqlite3 (1.3.13)
    sqlite3 (1.3.13-x86-mingw32)
    temple (0.8.0)
    thin (1.7.2)
      daemons (~> 1.0, >= 1.0.9)
      eventmachine (~> 1.0, >= 1.0.4)
      rack (>= 1, < 3)
    thor (0.19.4)
    tilt (2.0.8)
    ttfunk (1.5.1)
    unicode (0.4.4.4)
    unicode (0.4.4.4-x86-mingw32)

PLATFORMS
  ruby
  x86-mingw32

DEPENDENCIES
  ai4r
  bibtex-ruby
  categorize
  certified
  classifier-reborn
  dotenv
  grim
  haml
  i18n
  levenshtein-ffi
  moneta
  mysql2
  nbayes
  nokogiri
  pdf-reader
  puma
  rack-test
  rake
  rspec
  ruby-stemmer
  sequel
  serrano
  sinatra
  sqlite3
  thin
  unicode

BUNDLED WITH
   1.16.1
